GIT
  remote: https://github.com/tompng/ar_serializer
  revision: 7cdc35eedcdd1878fb994bfddf3819f1cd84df11
  specs:
    ar_serializer (1.1.1)
      activerecord
      top_n_loader

PATH
  remote: .
  specs:
    ar_sync (1.0.5)
      activerecord
      ar_serializer

GEM
  remote: https://rubygems.org/
  specs:
    activemodel (6.0.3.1)
      activesupport (= 6.0.3.1)
    activerecord (6.0.3.1)
      activemodel (= 6.0.3.1)
      activesupport (= 6.0.3.1)
    activerecord-import (1.0.2)
      activerecord (>= 3.2)
    activesupport (6.0.3.1)
      concurrent-ruby (~> 1.0, >= 1.0.2)
      i18n (>= 0.7, < 2)
      minitest (~> 5.1)
      tzinfo (~> 1.1)
      zeitwerk (~> 2.2, >= 2.2.2)
    coderay (1.1.2)
    concurrent-ruby (1.1.6)
    i18n (1.8.2)
      concurrent-ruby (~> 1.0)
    method_source (0.9.2)
    minitest (5.14.1)
    pry (0.12.2)
      coderay (~> 1.1.0)
      method_source (~> 0.9.0)
    rake (13.0.1)
    sqlite3 (1.4.2)
    thread_safe (0.3.6)
    top_n_loader (1.0.1)
      activerecord
    tzinfo (1.2.7)
      thread_safe (~> 0.1)
    zeitwerk (2.3.0)

PLATFORMS
  ruby

DEPENDENCIES
  activerecord-import
  ar_serializer!
  ar_sync!
  pry
  rake
  sqlite3

BUNDLED WITH
   2.1.2
