PATH
  remote: .
  specs:
    ar_sync (1.1.0)
      activerecord
      ar_serializer

GEM
  remote: https://rubygems.org/
  specs:
    activemodel (7.0.3.1)
      activesupport (= 7.0.3.1)
    activerecord (7.0.3.1)
      activemodel (= 7.0.3.1)
      activesupport (= 7.0.3.1)
    activerecord-import (1.4.0)
      activerecord (>= 4.2)
    activesupport (7.0.3.1)
      concurrent-ruby (~> 1.0, >= 1.0.2)
      i18n (>= 1.6, < 2)
      minitest (>= 5.1)
      tzinfo (~> 2.0)
    ar_serializer (1.2.0)
      activerecord
      top_n_loader
    coderay (1.1.3)
    concurrent-ruby (1.1.10)
    i18n (1.11.0)
      concurrent-ruby (~> 1.0)
    method_source (1.0.0)
    minitest (5.16.2)
    pry (0.14.1)
      coderay (~> 1.1)
      method_source (~> 1.0)
    rake (13.0.6)
    sqlite3 (1.4.2)
    top_n_loader (1.0.2)
      activerecord
    tzinfo (2.0.4)
      concurrent-ruby (~> 1.0)

PLATFORMS
  ruby

DEPENDENCIES
  activerecord-import
  ar_serializer
  ar_sync!
  pry
  rake
  sqlite3

BUNDLED WITH
   2.1.2
